GEM
  remote: http://rubygems.org/
  specs:
    highline (1.6.14)
    mime-types (1.19)
    nokogiri (1.5.5)
    rest-client (1.6.7)
      mime-types (>= 1.16)
    reverse-markdown (0.1.2)

PLATFORMS
  ruby

DEPENDENCIES
  highline (~> 1.6.14)
  nokogiri (~> 1.5.5)
  rest-client (~> 1.6.7)
  reverse-markdown (~> 0.1.2)
